PATH
  remote: .
  specs:
    truthiness (0.1.1)

GEM
  remote: http://rubygems.org/
  specs:
    ansi (1.4.2)
    coderay (1.0.5)
    metaclass (0.0.1)
    method_source (0.7.1)
    minitest (2.11.3)
    mocha (0.10.5)
      metaclass (~> 0.0.1)
    pry (0.9.8.4)
      coderay (~> 1.0.5)
      method_source (~> 0.7.1)
      slop (>= 2.4.4, < 3)
    rake (0.9.2.2)
    shoulda (3.0.1)
      shoulda-context (~> 1.0.0)
      shoulda-matchers (~> 1.0.0)
    shoulda-context (1.0.0)
    shoulda-matchers (1.0.0)
    slop (2.4.4)
    turn (0.9.4)
      ansi

PLATFORMS
  ruby

DEPENDENCIES
  minitest
  mocha
  pry
  rake
  shoulda
  truthiness!
  turn
